GEM
  remote: https://rubygems.org/
  specs:
    mini_portile2 (2.4.0)
    nokogiri (1.10.4)
      mini_portile2 (~> 2.4.0)
    roo (2.8.2)
      nokogiri (~> 1)
      rubyzip (>= 1.2.1, < 2.0.0)
    ruby-ole (1.2.12.2)
    rubyzip (1.2.3)
    spreadsheet (1.2.4)
      ruby-ole (>= 1.0)

PLATFORMS
  ruby

DEPENDENCIES
  roo
  spreadsheet

RUBY VERSION
   ruby 2.5.3p105

BUNDLED WITH
   1.17.1
